PATH
  remote: .
  specs:
    goose (0.0.1)

GEM
  remote: https://rubygems.org/
  specs:
    alox (0.0.9)
    alox-jason (0.0.35)

PLATFORMS
  ruby

DEPENDENCIES
  alox
  alox-jason
  goose!
