PATH
  remote: .
  specs:
    goose (0.0.1)

GEM
  remote: https://rubygems.org/
  specs:
    alox (0.0.9)
    alox-jason (0.0.33)
    builder (3.2.2)
    childprocess (0.3.9)
      ffi (~> 1.0, >= 1.0.11)
    diff-lcs (1.2.5)
    erubis (2.7.0)
    excon (0.25.3)
    ffi (1.9.3)
    fog (1.15.0)
      builder
      excon (~> 0.25.0)
      formatador (~> 0.2.0)
      mime-types
      multi_json (~> 1.0)
      net-scp (~> 1.1)
      net-ssh (>= 2.1.3)
      nokogiri (~> 1.5)
      ruby-hmac
    formatador (0.2.4)
    highline (1.6.20)
    i18n (0.6.5)
    log4r (1.1.10)
    mime-types (1.25.1)
    multi_json (1.8.2)
    net-scp (1.1.2)
      net-ssh (>= 2.6.5)
    net-ssh (2.6.8)
    nokogiri (1.5.10)
    rspec (2.14.1)
      rspec-core (~> 2.14.0)
      rspec-expectations (~> 2.14.0)
      rspec-mocks (~> 2.14.0)
    rspec-core (2.14.7)
    rspec-expectations (2.14.4)
      diff-lcs (>= 1.1.3, < 2.0)
    rspec-mocks (2.14.4)
    ruby-hmac (0.4.0)
    serverspec (0.15.0)
      highline
      net-ssh
      rspec (>= 2.13.0)
      specinfra (>= 0.5.0)
    specinfra (0.5.0)
    tnargav (1.2.3)
      childprocess (~> 0.3.7)
      erubis (~> 2.7.0)
      i18n (~> 0.6.0)
      log4r (~> 1.1.9)
      net-scp (~> 1.1.0)
      net-ssh (~> 2.6.6)
    unf (0.1.3)
      unf_ext
    unf_ext (0.0.6)
    vagrant-aws (0.4.0)
      fog (~> 1.15.0)
    vagrant-shell (0.2.21)

PLATFORMS
  ruby

DEPENDENCIES
  alox
  alox-jason
  goose!
  mime-types (< 2.0.0)
  nokogiri (< 1.6.0)
  serverspec
  tnargav (~> 1.2.2)
  unf
  vagrant-aws
  vagrant-shell
