PATH
  remote: .
  specs:
    goose (0.0.1)

GEM
  remote: https://rubygems.org/
  specs:
    alox (0.0.8)
    alox-jason (0.0.33)
    builder (3.2.2)
    childprocess (0.3.9)
      ffi (~> 1.0, >= 1.0.11)
    dotenv (0.9.0)
    erubis (2.7.0)
    excon (0.25.3)
    ffi (1.9.3)
    fog (1.15.0)
      builder
      excon (~> 0.25.0)
      formatador (~> 0.2.0)
      mime-types
      multi_json (~> 1.0)
      net-scp (~> 1.1)
      net-ssh (>= 2.1.3)
      nokogiri (~> 1.5)
      ruby-hmac
    foreman (0.63.0)
      dotenv (>= 0.7)
      thor (>= 0.13.6)
    formatador (0.2.4)
    i18n (0.6.5)
    log4r (1.1.10)
    mime-types (2.0)
    mini_portile (0.5.2)
    multi_json (1.8.2)
    net-scp (1.1.2)
      net-ssh (>= 2.6.5)
    net-ssh (2.6.8)
    nokogiri (1.6.0)
      mini_portile (~> 0.5.0)
    ruby-hmac (0.4.0)
    thor (0.18.1)
    tnargav (1.2.3)
      childprocess (~> 0.3.7)
      erubis (~> 2.7.0)
      i18n (~> 0.6.0)
      log4r (~> 1.1.9)
      net-scp (~> 1.1.0)
      net-ssh (~> 2.6.6)
    vagrant-aws (0.4.0)
      fog (~> 1.15.0)
    vagrant-shell (0.2.13)

PLATFORMS
  ruby

DEPENDENCIES
  alox
  alox-jason
  foreman
  goose!
  tnargav (~> 1.2.2)
  vagrant-aws
  vagrant-shell
