GEM
  remote: https://rubygems.org/
  specs:
    alox (0.0.8)
    alox-jason (0.0.32)
    childprocess (0.3.9)
      ffi (~> 1.0, >= 1.0.11)
    dotenv (0.9.0)
    erubis (2.7.0)
    ffi (1.9.3)
    foreman (0.63.0)
      dotenv (>= 0.7)
      thor (>= 0.13.6)
    i18n (0.6.5)
    log4r (1.1.10)
    net-scp (1.1.2)
      net-ssh (>= 2.6.5)
    net-ssh (2.6.8)
    thor (0.18.1)
    tnargav (1.2.3)
      childprocess (~> 0.3.7)
      erubis (~> 2.7.0)
      i18n (~> 0.6.0)
      log4r (~> 1.1.9)
      net-scp (~> 1.1.0)
      net-ssh (~> 2.6.6)
    vagrant-shell (0.2.13)

PLATFORMS
  ruby

DEPENDENCIES
  alox
  alox-jason
  foreman
  tnargav (~> 1.2.2)
  vagrant-shell
